GEM
  remote: https://rubygems.org/
  specs:
    lazy_priority_queue (0.1.1)
    minitest (5.15.0)

PLATFORMS
  x86_64-linux

DEPENDENCIES
  lazy_priority_queue
  minitest

BUNDLED WITH
   2.2.32
